GEM
  remote: https://rubygems.org/
  specs:
    colorize (0.8.1)
    json (2.0.2)

PLATFORMS
  ruby

DEPENDENCIES
  colorize
  json

BUNDLED WITH
   1.15.4
